GEM
  remote: http://rubygems.org/
  specs:
    git (1.2.5)
    github-markup (0.5.3)
    launchy (2.0.3)
    mime-types (1.16)
    rack (1.3.1)
    rack-test (0.6.0)
      rack (>= 1.0)
    rest-client (1.6.3)
      mime-types (>= 1.16)
    sinatra (1.2.6)
      rack (~> 1.1)
      tilt (>= 1.2.2, < 2.0)
    term-ansicolor (1.0.5)
    tilt (1.3.2)

PLATFORMS
  ruby

DEPENDENCIES
  git
  github-markup
  rack-test
  sinatra
